GEM
  remote: https://rubygems.org/
  specs:
    byebug (8.2.1)
    coderay (1.1.0)
    diff-lcs (1.2.5)
    given_filesystem (0.1.2)
    htmlentities (4.3.4)
    method_source (0.8.2)
    pry (0.10.3)
      coderay (~> 1.1.0)
      method_source (~> 0.8.1)
      slop (~> 3.4)
    rspec (3.4.0)
      rspec-core (~> 3.4.0)
      rspec-expectations (~> 3.4.0)
      rspec-mocks (~> 3.4.0)
    rspec-core (3.4.1)
      rspec-support (~> 3.4.0)
    rspec-expectations (3.4.0)
      diff-lcs (>= 1.2.0, < 2.0)
      rspec-support (~> 3.4.0)
    rspec-mocks (3.4.0)
      diff-lcs (>= 1.2.0, < 2.0)
      rspec-support (~> 3.4.0)
    rspec-support (3.4.1)
    slop (3.6.0)
    vimrunner (0.3.1)

PLATFORMS
  ruby

DEPENDENCIES
  byebug
  given_filesystem
  htmlentities
  pry
  rspec
  vimrunner

BUNDLED WITH
   1.10.6
